GEM
  remote: http://rubygems.org/
  specs:
    connection_pool (2.4.1)
    redis (5.0.7)
      redis-client (>= 0.9.0)
    redis-client (0.16.0)
      connection_pool
    sqlite3 (1.6.4-x86_64-linux)

PLATFORMS
  x86_64-linux

DEPENDENCIES
  redis
  sqlite3

BUNDLED WITH
   2.4.10
